GEM
  remote: https://rubygems.org/
  specs:
    minitest (5.20.0)

PLATFORMS
  arm64-darwin-22

DEPENDENCIES
  minitest (~> 5.20)

BUNDLED WITH
   2.4.20
